GIT
  remote: https://github.com/HomeBusProjects/ruby-homebus
  revision: 0546f6673fcd47ccc39e91ff930bfe747825143a
  specs:
    homebus (0.10.11)

GEM
  remote: https://rubygems.org/
  specs:
    highline (2.0.3)
    mqtt (0.5.0)
    options (2.3.2)

PLATFORMS
  ruby

DEPENDENCIES
  highline
  homebus!
  mqtt
  options

BUNDLED WITH
   2.2.30
