GIT
  remote: https://github.com/HomeBusProjects/ruby-homebus
  revision: f0fff8e41734fee104259ee626e257a0cadd2eff
  branch: main
  specs:
    homebus (0.30.2)
      mqtt (~> 0.5.0)

PATH
  remote: .
  specs:
    homebus-cli (0.2.0)

GEM
  remote: https://rubygems.org/
  specs:
    cgi (0.3.2)
    erb (2.2.3)
      cgi
    highline (2.0.3)
    mqtt (0.5.0)

PLATFORMS
  arm64-darwin-21

DEPENDENCIES
  erb
  highline
  homebus!
  homebus-cli!

BUNDLED WITH
   2.3.20
