GIT
  remote: https://github.com/HomeBusProjects/ruby-homebus
  revision: f0fff8e41734fee104259ee626e257a0cadd2eff
  branch: main
  specs:
    homebus (0.30.2)
      mqtt (~> 0.5.0)

PATH
  remote: .
  specs:
    homebus-cli (0.5.0)

GEM
  remote: https://rubygems.org/
  specs:
    bump (0.10.0)
    cgi (0.3.2)
    diff-lcs (1.5.0)
    dotenv (2.8.1)
    erb (2.2.3)
      cgi
    mqtt (0.5.0)
    rspec (3.11.0)
      rspec-core (~> 3.11.0)
      rspec-expectations (~> 3.11.0)
      rspec-mocks (~> 3.11.0)
    rspec-core (3.11.0)
      rspec-support (~> 3.11.0)
    rspec-expectations (3.11.0)
      diff-lcs (>= 1.2.0, < 2.0)
      rspec-support (~> 3.11.0)
    rspec-mocks (3.11.1)
      diff-lcs (>= 1.2.0, < 2.0)
      rspec-support (~> 3.11.0)
    rspec-support (3.11.0)
    thor (1.2.1)

PLATFORMS
  arm64-darwin-21
  x86_64-linux

DEPENDENCIES
  bump
  dotenv
  erb
  homebus!
  homebus-cli!
  rspec
  thor

BUNDLED WITH
   2.3.21
