GIT
  remote: https://github.com/HomeBusProjects/ruby-homebus
  revision: fdb2c62826e3c53f47749a9f31c51f438fcf943d
  specs:
    homebus (0.10.14)
      mqtt (~> 0.5.0)

GEM
  remote: https://rubygems.org/
  specs:
    highline (2.0.3)
    mqtt (0.5.0)
    options (2.3.2)

PLATFORMS
  ruby

DEPENDENCIES
  highline
  homebus!
  mqtt
  options

BUNDLED WITH
   2.2.31
