GIT
  remote: https://github.com/HomeBusProjects/ruby-homebus
  revision: f0fff8e41734fee104259ee626e257a0cadd2eff
  branch: main
  specs:
    homebus (0.30.2)
      mqtt (~> 0.5.0)

GEM
  remote: https://rubygems.org/
  specs:
    highline (2.0.3)
    mqtt (0.5.0)
    options (2.3.2)

PLATFORMS
  ruby

DEPENDENCIES
  highline
  homebus!
  mqtt
  options

BUNDLED WITH
   2.3.20
