GIT
  remote: https://github.com/HomeBusProjects/ruby-homebus
  revision: f0fff8e41734fee104259ee626e257a0cadd2eff
  branch: main
  specs:
    homebus (0.30.2)
      mqtt (~> 0.5.0)

PATH
  remote: .
  specs:
    homebus-cli (0.4.0)

GEM
  remote: https://rubygems.org/
  specs:
    bump (0.10.0)
    cgi (0.3.2)
    dotenv (2.8.1)
    erb (2.2.3)
      cgi
    mqtt (0.5.0)
    thor (1.2.1)

PLATFORMS
  arm64-darwin-21
  x86_64-linux

DEPENDENCIES
  bump
  dotenv
  erb
  homebus!
  homebus-cli!
  thor

BUNDLED WITH
   2.3.21
